GIT
  remote: https://github.com/StackVista/datadog-sdk-testing.git
  revision: 0698b29499926dfbbe482b22a5a4c762bf063874
  specs:
    datadog-sdk-testing (0.7.4)
      colorize (~> 0.8)
      httparty (~> 0.14)
      rake (~> 11.0)
      rubocop (~> 0.38)

GEM
  remote: https://rubygems.org/
  specs:
    ast (2.3.0)
    colorize (0.8.1)
    httparty (0.21.0)
      mini_mime (>= 1.0.0)
      multi_xml (>= 0.5.2)
    mini_mime (1.1.2)
    multi_xml (0.6.0)
    parser (2.4.0.0)
      ast (~> 2.2)
    powerpack (0.1.1)
    rainbow (2.2.2)
      rake
    rake (11.3.0)
    rubocop (0.38.0)
      parser (>= 2.3.0.6, < 3.0)
      powerpack (~> 0.1)
      rainbow (>= 1.99.1, < 3.0)
      ruby-progressbar (~> 1.7)
      unicode-display_width (~> 1.0, >= 1.0.1)
    ruby-progressbar (1.8.3)
    unicode-display_width (1.3.0)

PLATFORMS
  ruby

DEPENDENCIES
  datadog-sdk-testing!
  rake (~> 11.3.0)
  rubocop (~> 0.38.0)

BUNDLED WITH
   1.15.4
